GEM
  remote: https://rubygems.org/
  specs:
    benchmark-ips (2.13.0)
    stackprof (0.2.26)

PLATFORMS
  ruby
  x86_64-linux

DEPENDENCIES
  benchmark-ips
  stackprof (~> 0.2.26)

BUNDLED WITH
   2.5.6
