GEM
  remote: https://rubygems.org/
  specs:
    benchmark-ips (2.11.0)

PLATFORMS
  x86_64-linux

DEPENDENCIES
  benchmark-ips

BUNDLED WITH
   2.4.1
